GEM
  remote: https://rubygems.org/
  specs:
    coderay (1.1.3)
    json (2.3.0)
    method_source (1.0.0)
    multi_json (1.15.0)
    mustermann (1.1.1)
      ruby2_keywords (~> 0.0.1)
    pg (1.2.3)
    pry (0.13.1)
      coderay (~> 1.1)
      method_source (~> 1.0)
    rack (2.2.3)
    rack-protection (2.2.0)
      rack
    ruby2_keywords (0.0.5)
    sinatra (2.2.0)
      mustermann (~> 1.0)
      rack (~> 2.2)
      rack-protection (= 2.2.0)
      tilt (~> 2.0)
    sinatra-contrib (2.2.0)
      multi_json
      mustermann (~> 1.0)
      rack-protection (= 2.2.0)
      sinatra (= 2.2.0)
      tilt (~> 2.0)
    tilt (2.0.10)

PLATFORMS
  ruby

DEPENDENCIES
  json (>= 2.3.0)
  pg (>= 1.2.3, < 2.0)
  pry
  sinatra (>= 2.0.8.1)
  sinatra-contrib (>= 2.0.8.1)

RUBY VERSION
   ruby 2.6.5p114

BUNDLED WITH
   2.1.4
